GEM
  remote: https://rubygems.org/
  specs:
    ast (2.4.0)
    bitclust-core (1.2.1)
      progressbar (= 0.21.0)
      rack
    jaro_winkler (1.5.1)
    parallel (1.12.1)
    parser (2.5.3.0)
      ast (~> 2.4.0)
    powerpack (0.1.2)
    progressbar (0.21.0)
    rack (2.0.6)
    rainbow (3.0.0)
    refe2 (1.2.1)
      bitclust-core (= 1.2.1)
    rubocop (0.61.1)
      jaro_winkler (~> 1.5.1)
      parallel (~> 1.10)
      parser (>= 2.5, != 2.5.1.1)
      powerpack (~> 0.1)
      rainbow (>= 2.2.2, < 4.0)
      ruby-progressbar (~> 1.7)
      unicode-display_width (~> 1.4.0)
    ruby-progressbar (1.10.0)
    unicode-display_width (1.4.0)

PLATFORMS
  ruby

DEPENDENCIES
  refe2
  rubocop

BUNDLED WITH
   1.17.2
